GEM
  remote: https://rubygems.org/
  remote: https://gems.internal.mx/
  specs:
    binks (0.0.5)
      thor (>= 0.20.3)
    thor (1.0.1)

PLATFORMS
  ruby

DEPENDENCIES
  binks!

BUNDLED WITH
   2.1.2
