GEM
  remote: https://artifactory.internal.mx/api/gems/read-only-mirror.rubygems.org/
  remote: https://artifactory.internal.mx/api/gems/gems.internal.mx/
  specs:
    binks (0.0.6)
      thor (>= 0.20.3)
    thor (1.0.1)

PLATFORMS
  ruby

DEPENDENCIES
  binks!

BUNDLED WITH
   2.1.4
